GEM
  remote: https://rubygems.org/
  specs:
    bond (0.5.1)
    git (1.3.0)
    ripl (0.7.1)
      bond (~> 0.5.1)

PLATFORMS
  ruby

DEPENDENCIES
  git
  ripl

BUNDLED WITH
   1.12.5
