GIT
  remote: https://github.com/colszowka/simplecov-html.git
  revision: f2a0683d258da39838132353435cfa9b70737227
  specs:
    simplecov-html (0.10.0)

GIT
  remote: https://github.com/colszowka/simplecov.git
  revision: 3ca3141fcbb940382af607e3d43651c52da3d611
  specs:
    simplecov (0.13.0)
      docile (~> 1.1.0)
      json (>= 1.8, < 3)
      simplecov-html (~> 0.10.0)

GEM
  remote: https://rubygems.org/
  specs:
    bond (0.5.1)
    docile (1.1.5)
    git (1.3.0)
    json (2.0.3)
    ripl (0.7.1)
      bond (~> 0.5.1)
    ripl-play (0.2.1)
      ripl (>= 0.3.0)

PLATFORMS
  ruby

DEPENDENCIES
  git
  ripl
  ripl-play
  simplecov!
  simplecov-html!

BUNDLED WITH
   1.12.5
